PATH
  remote: .
  specs:
    rtw-rspec (0.1.0)

GEM
  remote: https://gems.ruby-china.com/
  specs:
    file-tail (1.2.0)
      tins (~> 1.0)
    rake (12.3.3)
    ruby2ruby (2.5.0)
      ruby_parser (~> 3.1)
      sexp_processor (~> 4.6)
    ruby_parser (3.20.0)
      sexp_processor (~> 4.16)
    sexp_processor (4.16.1)
    sourcify (0.5.0)
      file-tail (>= 1.0.5)
      ruby2ruby (>= 1.2.5)
      ruby_parser (>= 2.0.5)
      sexp_processor (>= 3.0.5)
    sync (0.5.0)
    tins (1.32.1)
      sync

PLATFORMS
  ruby

DEPENDENCIES
  rake (~> 12.0)
  rtw-rspec!
  sourcify (~> 0.5.0)

BUNDLED WITH
   2.1.4
